PATH
  remote: .
  specs:
    setup_script_generator (0.2.1)

GEM
  remote: https://rubygems.org/
  specs:
    rake (13.0.1)

PLATFORMS
  ruby

DEPENDENCIES
  bundler (~> 1.17)
  rake (~> 13.0)
  setup_script_generator!

BUNDLED WITH
   1.17.3
